PATH
  remote: .
  specs:
    puuko (0.0.1)
      sinatra (~> 2.0.5)

GEM
  remote: https://rubygems.org/
  specs:
    diff-lcs (1.3)
    mustermann (1.0.3)
    rack (2.0.7)
    rack-protection (2.0.5)
      rack
    rake (10.5.0)
    rspec (3.8.0)
      rspec-core (~> 3.8.0)
      rspec-expectations (~> 3.8.0)
      rspec-mocks (~> 3.8.0)
    rspec-core (3.8.0)
      rspec-support (~> 3.8.0)
    rspec-expectations (3.8.3)
      diff-lcs (>= 1.2.0, < 2.0)
      rspec-support (~> 3.8.0)
    rspec-mocks (3.8.0)
      diff-lcs (>= 1.2.0, < 2.0)
      rspec-support (~> 3.8.0)
    rspec-support (3.8.0)
    sinatra (2.0.5)
      mustermann (~> 1.0)
      rack (~> 2.0)
      rack-protection (= 2.0.5)
      tilt (~> 2.0)
    tilt (2.0.9)

PLATFORMS
  ruby

DEPENDENCIES
  bundler (~> 1.16)
  puuko!
  rake (~> 10.0)
  rspec (~> 3.0)

BUNDLED WITH
   1.16.5
